GEM
  remote: http://rubygems.org/
  specs:
    colorize (0.5.8)
    coveralls (0.6.2)
      colorize
      multi_json (~> 1.3)
      rest-client
      simplecov (>= 0.7)
      thor
    diff-lcs (1.2.1)
    fakefs (0.4.2)
    faraday (0.8.6)
      multipart-post (~> 1.1)
    git (1.2.5)
    github_api (0.9.3)
      faraday (~> 0.8.1)
      hashie (~> 2.0)
      multi_json (~> 1.4)
      nokogiri (~> 1.5.2)
      oauth2
    hashie (2.0.2)
    highline (1.6.15)
    httpauth (0.2.0)
    jeweler (1.8.4)
      bundler (~> 1.0)
      git (>= 1.2.5)
      github_api (>= 0.8.1)
      highline (>= 1.6.15)
      rake
      rdoc
    json (1.7.7)
    jwt (0.1.7)
      multi_json (>= 1.5)
    mime-types (1.21)
    multi_json (1.6.1)
    multi_xml (0.5.3)
    multipart-post (1.2.0)
    nokogiri (1.5.6)
    oauth2 (0.9.1)
      faraday (~> 0.8)
      httpauth (~> 0.1)
      jwt (~> 0.1.4)
      multi_json (~> 1.0)
      multi_xml (~> 0.5)
      rack (~> 1.2)
    rack (1.5.2)
    rake (10.0.3)
    rdoc (3.12.2)
      json (~> 1.4)
    rest-client (1.6.7)
      mime-types (>= 1.16)
    rspec (2.13.0)
      rspec-core (~> 2.13.0)
      rspec-expectations (~> 2.13.0)
      rspec-mocks (~> 2.13.0)
    rspec-core (2.13.0)
    rspec-expectations (2.13.0)
      diff-lcs (>= 1.1.3, < 2.0)
    rspec-mocks (2.13.0)
    simplecov (0.7.1)
      multi_json (~> 1.0)
      simplecov-html (~> 0.7.1)
    simplecov-html (0.7.1)
    thor (0.17.0)

PLATFORMS
  ruby

DEPENDENCIES
  bundler
  coveralls (>= 0.5.7)
  fakefs
  github_api
  highline
  jeweler (~> 1.8.4)
  rdoc (~> 3.12)
  rspec
  thor
